GEM
  remote: http://rubygems.org/
  remote: http://gems.github.com/
  specs:
    aquarium (0.5.1)
    archive-tar-minitar (0.5.2)
    bson (1.8.4)
    bson_ext (1.8.4)
      bson (~> 1.8.4)
    columnize (0.3.6)
    diff-lcs (1.2.1)
    distribution (0.7.0)
    linecache19 (0.5.12)
      ruby_core_source (>= 0.1.4)
    mongo (1.8.4)
      bson (~> 1.8.4)
    rspec (2.13.0)
      rspec-core (~> 2.13.0)
      rspec-expectations (~> 2.13.0)
      rspec-mocks (~> 2.13.0)
    rspec-core (2.13.1)
    rspec-expectations (2.13.0)
      diff-lcs (>= 1.1.3, < 2.0)
    rspec-mocks (2.13.0)
    ruby-debug-base19 (0.11.25)
      columnize (>= 0.3.1)
      linecache19 (>= 0.5.11)
      ruby_core_source (>= 0.1.4)
    ruby-debug19 (0.11.6)
      columnize (>= 0.3.1)
      linecache19 (>= 0.5.11)
      ruby-debug-base19 (>= 0.11.19)
    ruby_core_source (0.1.5)
      archive-tar-minitar (>= 0.5.2)

PLATFORMS
  ruby

DEPENDENCIES
  aquarium
  bson_ext
  distribution
  mongo
  rspec
  ruby-debug19
