GEM
  remote: http://rubygems.org/
  remote: http://gems.github.com/
  specs:
    aquarium (0.5.1)
    awesome_print (1.2.0)
    bson (1.9.2)
    bson_ext (1.9.2)
      bson (~> 1.9.2)
    debase (0.0.8)
      debugger-ruby_core_source
    debugger-ruby_core_source (1.2.4)
    diff-lcs (1.2.5)
    distribution (0.7.0)
    mongo (1.9.2)
      bson (~> 1.9.2)
    rspec (2.14.1)
      rspec-core (~> 2.14.0)
      rspec-expectations (~> 2.14.0)
      rspec-mocks (~> 2.14.0)
    rspec-core (2.14.7)
    rspec-expectations (2.14.4)
      diff-lcs (>= 1.1.3, < 2.0)
    rspec-mocks (2.14.4)
    slop (3.4.7)

PLATFORMS
  ruby

DEPENDENCIES
  aquarium
  awesome_print
  bson_ext
  debase
  distribution
  mongo
  rspec
  slop
