GEM
  remote: http://rubygems.org/
  remote: http://gems.github.com/
  specs:
    aquarium (0.5.1)
    bson (1.9.2)
    bson_ext (1.9.2)
      bson (~> 1.9.2)
    columnize (0.3.6)
    debugger (1.6.1)
      columnize (>= 0.3.1)
      debugger-linecache (~> 1.2.0)
      debugger-ruby_core_source (~> 1.2.3)
    debugger-linecache (1.2.0)
    debugger-ruby_core_source (1.2.3)
    diff-lcs (1.2.4)
    distribution (0.7.0)
    mongo (1.9.2)
      bson (~> 1.9.2)
    rspec (2.14.1)
      rspec-core (~> 2.14.0)
      rspec-expectations (~> 2.14.0)
      rspec-mocks (~> 2.14.0)
    rspec-core (2.14.5)
    rspec-expectations (2.14.2)
      diff-lcs (>= 1.1.3, < 2.0)
    rspec-mocks (2.14.3)

PLATFORMS
  ruby

DEPENDENCIES
  aquarium
  bson_ext
  debugger
  distribution
  mongo
  rspec
